GEM
  remote: http://rubygems.org/
  specs:
    builder (2.1.2)
    coderay (0.9.3)
    daemons (1.1.0)
    eventmachine (0.12.10)
    haml (2.2.17)
    heroku-nav (0.1.17)
      json
      rest-client (>= 1.0)
    json (1.4.6)
    mime-types (1.16)
    newrelic_rpm (2.12.3)
    nokogiri (1.4.3.1)
    nokogirl (1.0)
      nokogiri
    rack (1.2.1)
    rack-codehighlighter (0.4.6)
      nokogiri (>= 1.4.1)
      rack (>= 1.0.0)
    rdiscount (1.3.5)
    rest-client (1.2.0)
      mime-types (>= 1.16)
    rsolr (0.12.1)
      builder (>= 2.1.2)
    sinatra (0.9.4)
      rack (>= 0.9.1)
    sunspot (0.10.8)
      daemons (~> 1.0)
      rsolr (>= 0.9.6)
    thin (1.2.7)
      daemons (>= 1.0.9)
      eventmachine (>= 0.12.6)
      rack (>= 1.0.0)

PLATFORMS
  ruby

DEPENDENCIES
  coderay
  haml (= 2.2.17)
  heroku-nav (~> 0)
  json
  newrelic_rpm
  nokogirl
  rack (= 1.2.1)
  rack-codehighlighter
  rdiscount (= 1.3.5)
  rest-client (= 1.2.0)
  sinatra (= 0.9.4)
  sunspot (= 0.10.8)
  thin
