GIT
  remote: git://github.com/hone/indextank-rb.git
  revision: 61c2179
  ref: 61c217938b9c96f69ba0
  specs:
    indextank (0.0.1)
      faraday
      yajl-ruby (= 0.7.7)

GIT
  remote: git://github.com/rhomobile/rhomobile-nav.git
  revision: f09683c96cd631eaf5a12cded1da1049d68c7150
  specs:
    rhomobile-nav (0.0.35)

GIT
  remote: git://github.com/technoweenie/faraday
  revision: 3aa840d
  ref: 3aa840d012875ee80410
  specs:
    faraday (0.4.6)
      addressable (>= 2.1.1)
      rack (>= 1.0.1)

GEM
  remote: http://rubygems.org/
  specs:
    addressable (2.2.0)
    coderay (0.9.3)
    haml (2.2.17)
    heroku-nav (0.1.19)
      json
      rest-client (>= 1.0)
    json (1.4.6)
    mime-types (1.16)
    nokogiri (1.4.3.1)
    rack (1.2.1)
    rack-codehighlighter (0.4.6)
      nokogiri (>= 1.4.1)
      rack (>= 1.0.0)
    rake (0.8.7)
    rdiscount (1.6.8)
    rest-client (1.2.0)
      mime-types (>= 1.16)
    shotgun (0.8)
      rack (>= 1.0)
    sinatra (1.1.2)
      rack (~> 1.1)
      tilt (~> 1.2)
    tilt (1.2.1)
    yajl-ruby (0.7.7)

PLATFORMS
  ruby

DEPENDENCIES
  coderay
  faraday!
  haml (= 2.2.17)
  heroku-nav (~> 0)
  indextank!
  json
  rack (= 1.2.1)
  rack-codehighlighter
  rake
  rdiscount (= 1.6.8)
  rest-client (= 1.2.0)
  rhomobile-nav (= 0.0.35)!
  shotgun
  sinatra (= 1.1.2)
