GEM
  remote: http://rubygems.org/
  specs:
    addressable (2.2.6)
    coderay (0.9.8)
    configuration (1.3.1)
    faraday (0.7.5)
      addressable (~> 2.2.6)
      multipart-post (~> 1.1.3)
      rack (>= 1.1.0, < 2)
    faraday-stack (0.1.3)
      faraday (~> 0.6)
    heroku (1.7.1)
      json_pure (~> 1.2.0)
      launchy (~> 0.3.2)
      rest-client (~> 1.2.0)
    heroku-nav (0.1.24)
      json
      rest-client (>= 1.0)
    indextank (1.0.12)
      faraday-stack
      yajl-ruby (>= 0.7.7)
    json (1.6.1)
    json_pure (1.2.4)
    launchy (0.3.7)
      configuration (>= 0.0.5)
      rake (>= 0.8.1)
    mime-types (1.17.2)
    multipart-post (1.1.3)
    nokogiri (1.5.0)
    pdfkit (0.5.2)
    rack (1.2.1)
    rack-codehighlighter (0.5.0)
      nokogiri (>= 1.4.1)
      rack (>= 1.0.0)
    rake (0.9.2.2)
    rdiscount (1.6.8)
    rest-client (1.2.0)
      mime-types (>= 1.16)
    shotgun (0.9)
      rack (>= 1.0)
    sinatra (1.1.2)
      rack (~> 1.1)
      tilt (~> 1.2)
    tilt (1.3.3)
    yajl-ruby (1.1.0)

PLATFORMS
  ruby

DEPENDENCIES
  coderay (~> 0.9.8)
  heroku
  heroku-nav (~> 0)
  indextank
  json
  pdfkit
  rack (= 1.2.1)
  rack-codehighlighter
  rake (>= 0.9.2)
  rdiscount (= 1.6.8)
  rest-client (= 1.2.0)
  shotgun
  sinatra (= 1.1.2)
