GEM
  remote: http://rubygems.org/
  specs:
    anemone (0.7.2)
      nokogiri (>= 1.3.0)
      robotex (>= 1.0.0)
    base64 (0.2.0)
    coderay (0.9.8)
    colorize (0.5.8)
    domain_name (0.6.20240107)
    faraday (0.9.1)
      multipart-post (>= 1.2, < 3)
    faraday_middleware (0.9.1)
      faraday (>= 0.7.4, < 0.10)
    heroku (3.99.4)
    http-cookie (1.0.7)
      domain_name (~> 0.5)
    indextank (1.0.13)
      faraday_middleware (>= 0.9.0)
      yajl-ruby (>= 0.7.7)
    json (2.3.0)
    link-checker (0.7.2)
      anemone (~> 0.7.2)
      colorize (~> 0.5.8)
      nokogiri (~> 1.5.5)
      trollop (~> 2.0)
    logger (1.6.1)
    mime-types (2.99.3)
    multipart-post (2.0.0)
    mustermann (3.0.3)
      ruby2_keywords (~> 0.0.1)
    netrc (0.7.9)
    nokogiri (1.5.10)
    pdfkit (0.8.7.2)
    rack (3.1.10)
    rack-codehighlighter (0.5.0)
      nokogiri (>= 1.4.1)
      rack (>= 1.0.0)
    rack-protection (4.1.0)
      base64 (>= 0.1.0)
      logger (>= 1.6.0)
      rack (>= 3.0.0, < 4)
    rack-rewrite (1.2.1)
    rack-session (2.0.0)
      rack (>= 3.0.0)
    rake (12.3.3)
    rdiscount (1.6.8)
    rest-client (1.8.0)
      http-cookie (>= 1.0.2, < 2.0)
      mime-types (>= 1.16, < 3.0)
      netrc (~> 0.7)
    robotex (1.0.0)
    ruby2_keywords (0.0.5)
    shotgun (0.9)
      rack (>= 1.0)
    sinatra (4.1.0)
      logger (>= 1.6.0)
      mustermann (~> 3.0)
      rack (>= 3.0.0, < 4)
      rack-protection (= 4.1.0)
      rack-session (>= 2.0.0, < 3)
      tilt (~> 2.0)
    tilt (2.4.0)
    trollop (2.1.1)
    xml-simple (1.1.4)
    yajl-ruby (1.4.3)

PLATFORMS
  ruby

DEPENDENCIES
  coderay (~> 0.9.8)
  heroku
  indextank
  json
  link-checker (~> 0.7.2)
  nokogiri (= 1.5.10)
  pdfkit
  rack (~> 3.1.10)
  rack-codehighlighter
  rack-rewrite (~> 1.2.1)
  rake (~> 12.3.3)
  rdiscount (= 1.6.8)
  rest-client (~> 1.8.0)
  shotgun
  sinatra (~> 4.1.0)
  xml-simple
