GEM
  remote: http://rubygems.org/
  specs:
    anemone (0.7.2)
      nokogiri (>= 1.3.0)
      robotex (>= 1.0.0)
    coderay (0.9.8)
    colorize (0.5.8)
    faraday (0.8.8)
      multipart-post (~> 1.2.0)
    faraday_middleware (0.9.0)
      faraday (>= 0.7.4, < 0.9)
    indextank (1.0.13)
      faraday_middleware (>= 0.9.0)
      yajl-ruby (>= 0.7.7)
    json (1.8.1)
    link-checker (0.7.2)
      anemone (~> 0.7.2)
      colorize (~> 0.5.8)
      nokogiri (~> 1.5.5)
      trollop (~> 2.0)
    mime-types (2.0)
    multipart-post (1.2.0)
    nokogiri (1.5.10)
    pdfkit (0.5.4)
    rack (1.3.10)
    rack-codehighlighter (0.5.0)
      nokogiri (>= 1.4.1)
      rack (>= 1.0.0)
    rack-protection (1.5.1)
      rack
    rack-rewrite (1.2.1)
    rake (0.9.2.2)
    rdiscount (1.6.8)
    rest-client (1.6.7)
      mime-types (>= 1.16)
    robotex (1.0.0)
    shotgun (0.9)
      rack (>= 1.0)
    sinatra (1.3.3)
      rack (~> 1.3, >= 1.3.6)
      rack-protection (~> 1.2)
      tilt (~> 1.3, >= 1.3.3)
    tilt (1.4.1)
    trollop (2.0)
    xml-simple (1.1.2)
    yajl-ruby (1.1.0)

PLATFORMS
  ruby

DEPENDENCIES
  coderay (~> 0.9.8)
  indextank
  json
  link-checker (~> 0.7.2)
  nokogiri (= 1.5.10)
  pdfkit
  rack (~> 1.3.0)
  rack-codehighlighter
  rack-rewrite (~> 1.2.1)
  rake (~> 0.9.2.2)
  rdiscount (= 1.6.8)
  rest-client (~> 1.6.0)
  shotgun
  sinatra (~> 1.3.0)
  xml-simple
